GEM
  remote: https://rubygems.org/
  specs:
    dotenv (2.7.6)
    json (2.3.1)
    rake (13.0.1)

PLATFORMS
  ruby

DEPENDENCIES
  dotenv
  json
  rake

BUNDLED WITH
   2.1.4
